PATH
  remote: .
  specs:
    kpeg (0.7.2)

GEM
  remote: http://rubygems.org/
  specs:
    rake (0.8.7)

PLATFORMS
  ruby

DEPENDENCIES
  kpeg!
  rake
